GEM
  specs:
    bibtex-ruby (4.0.13)
      latex-decode (~> 0.0)
    celluloid (0.16.0)
      timers (~> 4.0.0)
    citeproc (1.0.2)
      namae (~> 0.8)
    citeproc-ruby (1.1.0)
      citeproc (>= 1.0.2, < 2.0)
      csl (~> 1.4)
    colorator (0.1)
    csl (1.4.2)
      namae (~> 0.7)
    csl-styles (1.0.1.6)
      csl (~> 1.0)
    ffi (1.9.8)
    hitimes (1.2.2)
    jekyll (3.0.0.pre.beta8)
      colorator (~> 0.1)
      jekyll-sass-converter (~> 1.0)
      jekyll-watch (~> 1.1)
      kramdown (~> 1.3)
      liquid (~> 3.0)
      mercenary (~> 0.3.3)
      rouge (~> 1.7)
      safe_yaml (~> 1.0)
    jekyll-mermaid (1.0.0)
    jekyll-paginate (1.1.0)
    jekyll-sass-converter (1.3.0)
      sass (~> 3.2)
    jekyll-scholar (5.0.0.pre.1)
      bibtex-ruby (~> 4.0, >= 4.0.13)
      citeproc-ruby (~> 1.0)
      csl-styles (~> 1.0)
      jekyll (>= 3.0.0.beta)
    jekyll-watch (1.2.1)
      listen (~> 2.7)
    jekyll_figure (0.0.3)
    kramdown (1.7.0)
    latex-decode (0.2.2)
      unicode (~> 0.4)
    liquid (3.0.3)
    listen (2.10.0)
      celluloid (~> 0.16.0)
      rb-fsevent (>= 0.9.3)
      rb-inotify (>= 0.9)
    mercenary (0.3.5)
    namae (0.10.1)
    posix-spawn (0.3.11)
    pygments.rb (0.6.3)
      posix-spawn (~> 0.3.6)
      yajl-ruby (~> 1.2.0)
    rb-fsevent (0.9.5)
    rb-inotify (0.9.5)
      ffi (>= 0.5.0)
    rouge (1.9.0)
    safe_yaml (1.0.4)
    sass (3.4.15)
    timers (4.0.1)
      hitimes
    unicode (0.4.4.2)
    yajl-ruby (1.2.1)

PLATFORMS
  ruby

DEPENDENCIES
  jekyll-mermaid
  jekyll-paginate
  jekyll-scholar
  jekyll-watch
  jekyll_figure (= 0.0.3)
  kramdown (= 1.7.0)
  pygments.rb

BUNDLED WITH
   1.10.3
